GEM
  remote: https://rubygems.org/
  specs:
    aws-eventstream (1.3.0)
    aws-partitions (1.1035.0)
    aws-sdk-core (3.215.0)
      aws-eventstream (~> 1, >= 1.3.0)
      aws-partitions (~> 1, >= 1.992.0)
      aws-sigv4 (~> 1.9)
      jmespath (~> 1, >= 1.6.1)
    aws-sdk-lambda (1.144.0)
      aws-sdk-core (~> 3, >= 3.210.0)
      aws-sigv4 (~> 1.5)
    aws-sdk-secretsmanager (1.110.0)
      aws-sdk-core (~> 3, >= 3.210.0)
      aws-sigv4 (~> 1.5)
    aws-sdk-sqs (1.90.0)
      aws-sdk-core (~> 3, >= 3.210.0)
      aws-sigv4 (~> 1.5)
    aws-sdk-xray (1.4.0)
      aws-sdk-core (~> 3)
      aws-sigv4 (~> 1.0)
    aws-sigv4 (1.11.0)
      aws-eventstream (~> 1, >= 1.0.2)
    aws-xray-sdk (0.11.5)
      aws-sdk-xray (~> 1.4.0)
      multi_json (~> 1)
    datadog-ci (0.8.3)
      msgpack
    datadog-lambda (2.22.0)
      aws-xray-sdk (~> 0.11.3)
      dogstatsd-ruby (~> 5.0)
    ddtrace (1.23.3)
      datadog-ci (~> 0.8.1)
      debase-ruby_core_source (= 3.3.1)
      libdatadog (~> 7.0.0.1.0)
      libddwaf (~> 1.14.0.0.0)
      msgpack
    debase-ruby_core_source (3.3.1)
    diff-lcs (1.5.1)
    dogstatsd-ruby (5.6.4)
    ffi (1.17.1)
    jmespath (1.6.2)
    libdatadog (7.0.0.1.0)
    libddwaf (1.14.0.0.0)
      ffi (~> 1.0)
    mini_portile2 (2.8.8)
    msgpack (1.7.5)
    multi_json (1.15.0)
    nokogiri (1.18.1)
      mini_portile2 (~> 2.8.2)
      racc (~> 1.4)
    racc (1.8.1)
    rspec (3.13.0)
      rspec-core (~> 3.13.0)
      rspec-expectations (~> 3.13.0)
      rspec-mocks (~> 3.13.0)
    rspec-core (3.13.2)
      rspec-support (~> 3.13.0)
    rspec-expectations (3.13.3)
      diff-lcs (>= 1.2.0, < 2.0)
      rspec-support (~> 3.13.0)
    rspec-mocks (3.13.2)
      diff-lcs (>= 1.2.0, < 2.0)
      rspec-support (~> 3.13.0)
    rspec-support (3.13.2)

PLATFORMS
  ruby

DEPENDENCIES
  aws-sdk-lambda
  aws-sdk-secretsmanager
  aws-sdk-sqs
  datadog-lambda
  ddtrace
  nokogiri
  rspec

BUNDLED WITH
   2.3.12
