GIT
  remote: https://github.com/pulibrary/stringex.git
  revision: 357f70511532a35b11a240e5ae06d02725cb8d0a
  tag: vpton.2.5.2.2
  specs:
    stringex (2.5.2)

GEM
  remote: https://rubygems.org/
  specs:
    builder (3.2.2)
    concurrent-ruby (1.0.2-java)
    diff-lcs (1.2.5)
    dot-properties (0.1.3)
    faraday (0.9.2)
      multipart-post (>= 1.2, < 3)
    hashie (3.4.4)
    httpclient (2.8.0)
    library_stdnums (1.4.1)
    marc (1.0.0)
      scrub_rb (>= 1.0.1, < 2)
      unf
    marc-fastxmlwriter (1.0.0)
      marc (~> 1.0)
    marc-marc4j (1.0.0-java)
      marc (~> 1)
    multipart-post (2.0.0)
    rsolr (1.0.13)
      builder (>= 2.1.2)
    rspec (3.4.0)
      rspec-core (~> 3.4.0)
      rspec-expectations (~> 3.4.0)
      rspec-mocks (~> 3.4.0)
    rspec-core (3.4.4)
      rspec-support (~> 3.4.0)
    rspec-expectations (3.4.0)
      diff-lcs (>= 1.2.0, < 2.0)
      rspec-support (~> 3.4.0)
    rspec-mocks (3.4.1)
      diff-lcs (>= 1.2.0, < 2.0)
      rspec-support (~> 3.4.0)
    rspec-support (3.4.1)
    scrub_rb (1.0.1)
    slop (3.6.0)
    traject (2.3.1-java)
      concurrent-ruby (>= 0.8.0)
      dot-properties (>= 0.1.1)
      hashie (~> 3.1)
      httpclient (~> 2.5)
      marc (~> 1.0)
      marc-fastxmlwriter (~> 1.0)
      slop (>= 3.4.5, < 4.0)
      traject-marc4j_reader (~> 1.0)
      yell
    traject-marc4j_reader (1.0.2-java)
      marc (~> 1.0)
      marc-marc4j (~> 1.0)
    unf (0.1.4-java)
    yell (2.0.6)

PLATFORMS
  java

DEPENDENCIES
  faraday
  library_stdnums
  rsolr
  rspec (~> 3.2)
  stringex!
  traject (~> 2.0)

BUNDLED WITH
   1.12.4
